GEM
  remote: https://rubygems.org/
  specs:
    activemodel (3.2.17)
      activesupport (= 3.2.17)
      builder (~> 3.0.0)
    activesupport (3.2.17)
      i18n (~> 0.6, >= 0.6.4)
      multi_json (~> 1.0)
    bson (1.10.0)
    bson_ext (1.10.0)
      bson (~> 1.10.0)
    builder (3.0.4)
    i18n (0.6.9)
    json (1.8.1)
    mongo (1.10.0)
      bson (~> 1.10.0)
    mongo_mapper (0.12.0)
      activemodel (~> 3.0)
      activesupport (~> 3.0)
      plucky (~> 0.5.2)
    multi_json (1.9.2)
    plucky (0.5.2)
      mongo (~> 1.5)
    rack (1.5.2)
    rack-protection (1.5.3)
      rack
    rack-test (0.6.2)
      rack (>= 1.0)
    rake (10.2.2)
    sinatra (1.4.5)
      rack (~> 1.4)
      rack-protection (~> 1.4)
      tilt (~> 1.3, >= 1.3.4)
    tilt (1.4.1)
    timecop (0.7.1)

PLATFORMS
  ruby

DEPENDENCIES
  bson (~> 1.10)
  bson_ext (~> 1.10)
  i18n (~> 0.6)
  json (~> 1.8)
  mongo_mapper (~> 0.12)
  rack-test (~> 0.6)
  rake
  sinatra (~> 1.4)
  timecop (~> 0.7)
