GEM
  remote: https://rubygems.org/
  specs:
    activesupport (3.0.5)
    bson (1.2.4)
    bson_ext (1.2.4)
    i18n (0.5.0)
    jnunemaker-validatable (1.8.4)
      activesupport (>= 2.3.4)
    json (1.5.1)
    mongo (1.2.4)
      bson (>= 1.2.4)
    mongo_mapper (0.8.6)
      activesupport (>= 2.3.4)
      jnunemaker-validatable (~> 1.8.4)
      plucky (~> 0.3.6)
    plucky (0.3.7)
      mongo (~> 1.1)
    rack (1.2.2)
    rack-test (0.5.7)
      rack (>= 1.0)
    rake (10.2.2)
    sinatra (1.2.1)
      rack (~> 1.1)
      tilt (>= 1.2.2, < 2.0)
    tilt (1.2.2)
    timecop (0.3.5)

PLATFORMS
  ruby

DEPENDENCIES
  bson (= 1.2.4)
  bson_ext (= 1.2.4)
  i18n (= 0.5.0)
  json (= 1.5.1)
  mongo_mapper (= 0.8.6)
  rack-test (= 0.5.7)
  rake
  sinatra (= 1.2.1)
  timecop (= 0.3.5)
